PATH
  remote: .
  specs:
    robot_payment (0.2)
      faraday (>= 1.0)
      json (>= 1.8)

GEM
  remote: https://rubygems.org/
  specs:
    faraday (1.3.0)
      faraday-net_http (~> 1.0)
      multipart-post (>= 1.2, < 3)
      ruby2_keywords
    faraday-net_http (1.0.1)
    json (2.5.1)
    multipart-post (2.1.1)
    ruby2_keywords (0.0.4)

PLATFORMS
  ruby

DEPENDENCIES
  faraday
  json
  robot_payment!

BUNDLED WITH
   1.17.3
